GEM
  remote: https://anonymous:devcloud@mirrors.huaweicloud.com/repository/rubygems/
  specs:
    backports (2.8.2)
    bcrypt (3.1.12)
    bcrypt (3.1.12-x64-mingw32)
    concurrent-ruby (1.0.5)
    haml (5.0.4)
      temple (>= 0.8.0)
      tilt
    httparty (0.16.2)
      multi_xml (>= 0.5.2)
    jwt (2.1.0)
    multi_json (1.13.1)
    multi_xml (0.6.0)
    mustermann (1.0.2)
    puma (3.11.4)
    rack (2.0.5)
    rack-protection (2.0.2)
      rack
    sequel (5.9.0)
    sequel_secure_password (0.2.15)
      bcrypt (>= 3.1, < 4.0)
      sequel (>= 4.1.0, < 6.0)
    sinatra (2.0.2)
      mustermann (~> 1.0)
      rack (~> 2.0)
      rack-protection (= 2.0.2)
      tilt (~> 2.0)
    sinatra-contrib (2.0.2)
      backports (~> 2.8.2)
      multi_json
      mustermann (~> 1.0)
      rack-protection (= 2.0.2)
      sinatra (= 2.0.2)
      tilt (>= 1.3, < 3)
    sinatra-initializers (0.1.4)
    sinatra-reloader (1.0)
      sinatra-contrib
    sinatra-sequel (0.9.0)
      sequel (>= 3.2.0)
      sinatra (>= 0.9.4)
    sprockets (3.7.1)
      concurrent-ruby (~> 1.0)
      rack (> 1, < 3)
    sqlite3 (1.3.13)
    sqlite3 (1.3.13-x64-mingw32)
    temple (0.8.0)
    tilt (2.0.8)

PLATFORMS
  ruby
  x64-mingw32

DEPENDENCIES
  haml
  httparty
  jwt
  multi_json
  puma
  sequel
  sequel_secure_password
  sinatra
  sinatra-contrib
  sinatra-initializers
  sinatra-reloader
  sinatra-sequel
  sprockets
  sqlite3

BUNDLED WITH
   1.16.1
