GEM
  remote: https://anonymous:devcloud@mirrors.huaweicloud.com/repository/rubygems/
  specs:
    backports (3.11.4)
    bcrypt (3.1.12-x64-mingw32)
    concurrent-ruby (1.1.4)
    haml (5.0.4)
      temple (>= 0.8.0)
      tilt
    httparty (0.16.3)
      mime-types (~> 3.0)
      multi_xml (>= 0.5.2)
    i18n (1.4.0)
      concurrent-ruby (~> 1.0)
    jwt (2.1.0)
    mail (2.7.1)
      mini_mime (>= 0.1.1)
    mime-types (3.2.2)
      mime-types-data (~> 3.2015)
    mime-types-data (3.2018.0812)
    mini_mime (1.0.1)
    multi_json (1.13.1)
    multi_xml (0.6.0)
    mustermann (1.0.3)
    puma (3.12.0)
    rack (2.0.6)
    rack-contrib (2.1.0)
      rack (~> 2.0)
    rack-protection (2.0.5)
      rack
    sequel (5.16.0)
    sequel_secure_password (0.2.15)
      bcrypt (>= 3.1, < 4.0)
      sequel (>= 4.1.0, < 6.0)
    sinatra (2.0.5)
      mustermann (~> 1.0)
      rack (~> 2.0)
      rack-protection (= 2.0.5)
      tilt (~> 2.0)
    sinatra-contrib (2.0.5)
      backports (>= 2.8.2)
      multi_json
      mustermann (~> 1.0)
      rack-protection (= 2.0.5)
      sinatra (= 2.0.5)
      tilt (>= 1.3, < 3)
    sinatra-initializers (0.1.4)
    sinatra-reloader (1.0)
      sinatra-contrib
    sinatra-sequel (0.9.0)
      sequel (>= 3.2.0)
      sinatra (>= 0.9.4)
    spinying (0.9)
    sprockets (3.7.2)
      concurrent-ruby (~> 1.0)
      rack (> 1, < 3)
    sqlite3 (1.3.13-x64-mingw32)
    temple (0.8.0)
    tilt (2.0.9)

PLATFORMS
  x64-mingw32

DEPENDENCIES
  haml
  httparty
  i18n
  jwt
  mail
  multi_json
  puma
  rack (~> 2.0.6)
  rack-contrib
  sequel
  sequel_secure_password
  sinatra
  sinatra-contrib
  sinatra-initializers
  sinatra-reloader
  sinatra-sequel
  spinying (~> 0.9)
  sprockets
  sqlite3

BUNDLED WITH
   1.17.1
